GEM
  remote: https://rubygems.org/
  specs:
    attr_extras (3.1.0)
    diff-lcs (1.1.3)
    rake (10.0.3)
    rspec (2.12.0)
      rspec-core (~> 2.12.0)
      rspec-expectations (~> 2.12.0)
      rspec-mocks (~> 2.12.0)
    rspec-core (2.12.2)
    rspec-expectations (2.12.1)
      diff-lcs (~> 1.1.3)
    rspec-mocks (2.12.2)

PLATFORMS
  ruby

DEPENDENCIES
  attr_extras
  rake
  rspec
